GEM
  remote: https://rubygems.org/
  specs:
    concurrent-ruby (1.1.7)
    daemons (1.3.1)
    dotenv (2.7.6)
    eventmachine (1.2.7)
    hitimes (1.3.1)
    http_tools (0.4.5)
    json (2.3.1)
    launchdarkly-server-sdk (5.8.1)
      concurrent-ruby (~> 1.0)
      json (~> 2.3.1)
      ld-eventsource (= 1.0.3)
      semantic (~> 1.6)
    ld-eventsource (1.0.3)
      concurrent-ruby (~> 1.0)
      http_tools (~> 0.4.5)
      socketry (~> 0.5.1)
    mustermann (1.1.1)
      ruby2_keywords (~> 0.0.1)
    rack (2.2.3)
    rack-protection (2.1.0)
      rack
    ruby2_keywords (0.0.2)
    semantic (1.6.1)
    sinatra (2.1.0)
      mustermann (~> 1.0)
      rack (~> 2.2)
      rack-protection (= 2.1.0)
      tilt (~> 2.0)
    socketry (0.5.1)
      hitimes (~> 1.2)
    thin (1.8.0)
      daemons (~> 1.0, >= 1.0.9)
      eventmachine (~> 1.0, >= 1.0.4)
      rack (>= 1, < 3)
    tilt (2.0.10)

PLATFORMS
  x86_64-darwin-19

DEPENDENCIES
  dotenv
  launchdarkly-server-sdk
  sinatra
  thin

BUNDLED WITH
   2.2.3
